GEM
  remote: https://rubygems.org/
  specs:
    blankslate (3.1.3)
    diff-lcs (1.3)
    escape_utils (0.2.4)
    ffi (1.0.11)
    github-markdown (0.6.9)
    github-markup (0.7.5)
    gollum (2.2.1)
      escape_utils (= 0.2.4)
      github-markdown
      github-markup (>= 0.7.0, < 1.0.0)
      grit (~> 2.5.0)
      mustache (>= 0.11.2, < 1.0.0)
      nokogiri (~> 1.4)
      pygments.rb (~> 0.2.0)
      sanitize (~> 2.0.0)
      sinatra (~> 1.0)
      stringex (~> 1.4.0)
      useragent (~> 0.4.9)
    grit (2.5.0)
      diff-lcs (~> 1.1)
      mime-types (~> 1.15)
      posix-spawn (~> 0.3.6)
    mime-types (1.25.1)
    mini_portile2 (2.1.0)
    mustache (0.99.8)
    nokogiri (1.7.0.1)
      mini_portile2 (~> 2.1.0)
    posix-spawn (0.3.13)
    pygments.rb (0.2.13)
      rubypython (~> 0.5.3)
    rack (2.0.1)
    rspec (3.5.0)
      rspec-core (~> 3.5.0)
      rspec-expectations (~> 3.5.0)
      rspec-mocks (~> 3.5.0)
    rspec-core (3.5.4)
      rspec-support (~> 3.5.0)
    rspec-expectations (3.5.0)
      diff-lcs (>= 1.2.0, < 2.0)
      rspec-support (~> 3.5.0)
    rspec-mocks (3.5.0)
      diff-lcs (>= 1.2.0, < 2.0)
      rspec-support (~> 3.5.0)
    rspec-support (3.5.0)
    rubypython (0.5.3)
      blankslate (>= 2.1.2.3)
      ffi (~> 1.0.7)
    sanitize (2.0.6)
      nokogiri (>= 1.4.4)
    sinatra (1.0)
      rack (>= 1.0)
    stringex (1.4.0)
    useragent (0.4.16)

PLATFORMS
  ruby

DEPENDENCIES
  gollum
  nokogiri
  rack (~> 2.0.1)
  rspec

BUNDLED WITH
   1.14.3
